GEM
  remote: https://rubygems.org/
  specs:
    autoprefixer-rails (6.7.3)
      execjs
    bootstrap-sass (3.3.7)
      autoprefixer-rails (>= 5.2.1)
      sass (>= 3.3.4)
    execjs (2.7.0)
    rack (2.0.1)
    rack-app (5.12.0)
      rack
    rack-app-front_end (0.19.0)
      rack-app (>= 2.0.0)
      tilt
    sass (3.4.23)
    tilt (2.0.6)

PLATFORMS
  ruby

DEPENDENCIES
  bootstrap-sass
  rack-app
  rack-app-front_end

BUNDLED WITH
   1.14.3
