GEM
  remote: https://rubygems.org/
  specs:
    autoprefixer-rails (6.7.7)
      execjs
    bootstrap-sass (3.3.7)
      autoprefixer-rails (>= 5.2.1)
      sass (>= 3.3.4)
    byebug (9.0.6)
    coderay (1.1.1)
    diff-lcs (1.3)
    execjs (2.7.0)
    method_source (0.8.2)
    pry (0.10.4)
      coderay (~> 1.1.0)
      method_source (~> 0.8.1)
      slop (~> 3.4)
    pry-byebug (3.4.2)
      byebug (~> 9.0)
      pry (~> 0.10)
    rack (2.0.1)
    rack-app (6.1.0)
      rack
    rack-app-front_end (0.19.0)
      rack-app (>= 2.0.0)
      tilt
    rspec (3.5.0)
      rspec-core (~> 3.5.0)
      rspec-expectations (~> 3.5.0)
      rspec-mocks (~> 3.5.0)
    rspec-core (3.5.4)
      rspec-support (~> 3.5.0)
    rspec-expectations (3.5.0)
      diff-lcs (>= 1.2.0, < 2.0)
      rspec-support (~> 3.5.0)
    rspec-mocks (3.5.0)
      diff-lcs (>= 1.2.0, < 2.0)
      rspec-support (~> 3.5.0)
    rspec-support (3.5.0)
    sass (3.4.23)
    slop (3.6.0)
    tilt (2.0.6)

PLATFORMS
  ruby

DEPENDENCIES
  bootstrap-sass
  pry-byebug
  rack-app
  rack-app-front_end
  rspec

BUNDLED WITH
   1.13.6
